PATH
  remote: .
  specs:
    color_guard (0.0.1)
      connection_pool
      rack
      redis

GEM
  remote: https://rubygems.org/
  specs:
    cane (2.6.2)
      parallel
    connection_pool (2.2.0)
    diff-lcs (1.2.5)
    docile (1.1.5)
    json (1.8.3)
    parallel (1.6.1)
    rack (2.0.0.alpha)
      json
    rake (10.5.0)
    redis (3.2.2)
    rspec (3.4.0)
      rspec-core (~> 3.4.0)
      rspec-expectations (~> 3.4.0)
      rspec-mocks (~> 3.4.0)
    rspec-core (3.4.3)
      rspec-support (~> 3.4.0)
    rspec-expectations (3.4.0)
      diff-lcs (>= 1.2.0, < 2.0)
      rspec-support (~> 3.4.0)
    rspec-mocks (3.4.1)
      diff-lcs (>= 1.2.0, < 2.0)
      rspec-support (~> 3.4.0)
    rspec-support (3.4.1)
    simplecov (0.10.0)
      docile (~> 1.1.0)
      json (~> 1.8)
      simplecov-html (~> 0.10.0)
    simplecov-html (0.10.0)

PLATFORMS
  ruby

DEPENDENCIES
  cane
  color_guard!
  rake
  rspec
  simplecov

BUNDLED WITH
   1.11.2
